GIT
  remote: git://github.com/resolve/refinerycms.git
  revision: 46da42242657c6b593cf768caa339135b9893419
  specs:
    refinerycms (1.1.0)
      bundler (~> 1.0)
      refinerycms-authentication (= 1.1.0)
      refinerycms-base (= 1.1.0)
      refinerycms-core (= 1.1.0)
      refinerycms-dashboard (= 1.1.0)
      refinerycms-images (= 1.1.0)
      refinerycms-pages (= 1.1.0)
      refinerycms-resources (= 1.1.0)
      refinerycms-settings (= 1.1.0)
    refinerycms-authentication (1.1.0)
      devise (~> 1.3.0)
      friendly_id_globalize3 (~> 3.2.1)
      refinerycms-core (= 1.1.0)
    refinerycms-base (1.1.0)
    refinerycms-core (1.1.0)
      acts_as_indexed (~> 0.7)
      awesome_nested_set (~> 2.0)
      friendly_id_globalize3 (~> 3.2.1)
      globalize3 (~> 0.1)
      kaminari (~> 0.12)
      rails (>= 3.1.0.rc1)
      refinerycms-base (= 1.1.0)
      refinerycms-generators (~> 1.0)
      refinerycms-settings (= 1.1.0)
      truncate_html (~> 0.5)
    refinerycms-dashboard (1.1.0)
      refinerycms-core (= 1.1.0)
    refinerycms-images (1.1.0)
      dragonfly (~> 0.9.0)
      rack-cache (>= 0.5.3)
      refinerycms-core (= 1.1.0)
    refinerycms-pages (1.1.0)
      awesome_nested_set (~> 2.0)
      friendly_id_globalize3 (~> 3.2.1)
      globalize3 (~> 0.1)
      refinerycms-core (= 1.1.0)
      seo_meta (~> 1.1)
    refinerycms-resources (1.1.0)
      dragonfly (~> 0.9.0)
      rack-cache (>= 0.5.3)
      refinerycms-core (= 1.1.0)
    refinerycms-settings (1.1.0)
      refinerycms-base (= 1.1.0)

GEM
  remote: http://rubygems.org/
  specs:
    actionmailer (3.1.0.rc1)
      actionpack (= 3.1.0.rc1)
      mail (~> 2.3.0)
    actionpack (3.1.0.rc1)
      activemodel (= 3.1.0.rc1)
      activesupport (= 3.1.0.rc1)
      builder (~> 3.0.0)
      erubis (~> 2.7.0)
      i18n (~> 0.6.0beta1)
      rack (~> 1.3.0.beta2)
      rack-cache (~> 1.0.1)
      rack-mount (~> 0.8.1)
      rack-test (~> 0.6.0)
      sprockets (~> 2.0.0.beta.5)
      tzinfo (~> 0.3.27)
    activemodel (3.1.0.rc1)
      activesupport (= 3.1.0.rc1)
      bcrypt-ruby (~> 2.1.4)
      builder (~> 3.0.0)
      i18n (~> 0.6.0beta1)
    activerecord (3.1.0.rc1)
      activemodel (= 3.1.0.rc1)
      activesupport (= 3.1.0.rc1)
      arel (~> 2.1.1)
      tzinfo (~> 0.3.27)
    activeresource (3.1.0.rc1)
      activemodel (= 3.1.0.rc1)
      activesupport (= 3.1.0.rc1)
    activesupport (3.1.0.rc1)
      multi_json (~> 1.0)
    acts_as_indexed (0.7.2)
    addressable (2.2.6)
    ansi (1.2.5)
    archive-tar-minitar (0.5.2)
    arel (2.1.1)
    awesome_nested_set (2.0.0)
      activerecord (>= 3.0.0)
    babosa (0.3.4)
    bcrypt-ruby (2.1.4)
    builder (3.0.0)
    chunky_png (1.2.0)
    coffee-script (2.2.0)
      coffee-script-source
      execjs
    coffee-script-source (1.1.1)
    columnize (0.3.2)
    compass (0.11.1)
      chunky_png (~> 1.1)
      fssm (>= 0.2.7)
      sass (~> 3.1)
    devise (1.3.4)
      bcrypt-ruby (~> 2.1.2)
      orm_adapter (~> 0.0.3)
      warden (~> 1.0.3)
    dragonfly (0.9.2)
      rack
    em-websocket (0.2.1)
      addressable (>= 2.1.1)
      eventmachine (>= 0.12.9)
    erubis (2.7.0)
    eventmachine (0.12.10)
    execjs (1.0.0)
      multi_json (~> 1.0)
    friendly_id_globalize3 (3.2.1.3)
      babosa (~> 0.3.0)
    fssm (0.2.7)
    globalize3 (0.1.0)
      activemodel (>= 3.0.0)
      activerecord (>= 3.0.0)
    guard (0.3.4)
      thor (~> 0.14.6)
    guard-livereload (0.1.11)
      em-websocket (~> 0.2.0)
      guard (>= 0.2.2)
      json (~> 1.5.1)
    haml (3.1.1)
    hike (1.0.0)
    html5-boilerplate (1.0.0)
      compass (>= 0.11.1)
    i18n (0.6.0)
    jquery-rails (1.0.9)
      railties (~> 3.0)
      thor (~> 0.14)
    json (1.5.1)
    kaminari (0.12.4)
      rails (>= 3.0.0)
    kgio (2.4.1)
    linecache19 (0.5.12)
      ruby_core_source (>= 0.1.4)
    mail (2.3.0)
      i18n (>= 0.4.0)
      mime-types (~> 1.16)
      treetop (~> 1.4.8)
    mime-types (1.16)
    multi_json (1.0.3)
    orm_adapter (0.0.5)
    pg (0.11.0)
    polyglot (0.3.1)
    rack (1.3.0)
    rack-cache (1.0.2)
      rack (>= 0.4)
    rack-mount (0.8.1)
      rack (>= 1.0.0)
    rack-ssl (1.3.2)
      rack
    rack-test (0.6.0)
      rack (>= 1.0)
    rails (3.1.0.rc1)
      actionmailer (= 3.1.0.rc1)
      actionpack (= 3.1.0.rc1)
      activerecord (= 3.1.0.rc1)
      activeresource (= 3.1.0.rc1)
      activesupport (= 3.1.0.rc1)
      bundler (~> 1.0)
      railties (= 3.1.0.rc1)
    railties (3.1.0.rc1)
      actionpack (= 3.1.0.rc1)
      activesupport (= 3.1.0.rc1)
      rack-ssl (~> 1.3.2)
      rake (>= 0.8.7)
      thor (~> 0.14.6)
    rake (0.8.7)
    rb-fsevent (0.4.0)
    refinerycms-generators (1.0.1)
    ruby-debug-base19 (0.11.25)
      columnize (>= 0.3.1)
      linecache19 (>= 0.5.11)
      ruby_core_source (>= 0.1.4)
    ruby-debug19 (0.11.6)
      columnize (>= 0.3.1)
      linecache19 (>= 0.5.11)
      ruby-debug-base19 (>= 0.11.19)
    ruby_core_source (0.1.5)
      archive-tar-minitar (>= 0.5.2)
    sass (3.1.1)
    seo_meta (1.1.1)
      refinerycms-generators (~> 1.0.1)
    sprockets (2.0.0.beta.8)
      hike (~> 1.0)
      rack (~> 1.0)
      tilt (!= 1.3.0, ~> 1.1)
    therubyracer (0.9.0beta4)
    therubyracer-heroku (0.8.1.pre3)
    thor (0.14.6)
    tilt (1.3.2)
    treetop (1.4.9)
      polyglot (>= 0.3.1)
    truncate_html (0.5.1)
    turn (0.8.2)
      ansi (>= 1.2.2)
    tzinfo (0.3.27)
    uglifier (0.5.4)
      execjs (>= 0.3.0)
      multi_json (>= 1.0.2)
    unicorn (3.6.2)
      kgio (~> 2.3)
      rack
    warden (1.0.4)
      rack (>= 1.0)

PLATFORMS
  ruby

DEPENDENCIES
  coffee-script
  compass
  guard
  guard-livereload
  haml
  html5-boilerplate
  jquery-rails
  pg
  rails (= 3.1.0.rc1)
  rake (~> 0.8.7)
  rb-fsevent
  refinerycms!
  ruby-debug19
  sass
  therubyracer (~> 0.9.0beta4)
  therubyracer-heroku (= 0.8.1.pre3)
  turn
  uglifier
  unicorn
