GIT
  remote: git://github.com/wildcountrytech/coffee-filter.git
  revision: bf7d5b48434690980e3609c527c387e12f84ee09
  specs:
    coffee-filter (0.1.1.1)
      coffee-script (>= 2.2.0)
      haml (>= 3.0.18)

GEM
  remote: http://rubygems.org/
  specs:
    actionmailer (3.1.0.rc3)
      actionpack (= 3.1.0.rc3)
      mail (~> 2.3.0)
    actionpack (3.1.0.rc3)
      activemodel (= 3.1.0.rc3)
      activesupport (= 3.1.0.rc3)
      builder (~> 3.0.0)
      erubis (~> 2.7.0)
      i18n (~> 0.6)
      rack (~> 1.3.0)
      rack-cache (~> 1.0.1)
      rack-mount (~> 0.8.1)
      rack-test (~> 0.6.0)
      sprockets (~> 2.0.0.beta.10)
      tzinfo (~> 0.3.27)
    activemodel (3.1.0.rc3)
      activesupport (= 3.1.0.rc3)
      bcrypt-ruby (~> 2.1.4)
      builder (~> 3.0.0)
      i18n (~> 0.6)
    activerecord (3.1.0.rc3)
      activemodel (= 3.1.0.rc3)
      activesupport (= 3.1.0.rc3)
      arel (~> 2.1.1)
      tzinfo (~> 0.3.27)
    activeresource (3.1.0.rc3)
      activemodel (= 3.1.0.rc3)
      activesupport (= 3.1.0.rc3)
    activesupport (3.1.0.rc3)
      multi_json (~> 1.0)
    addressable (2.2.6)
    ansi (1.2.5)
    arel (2.1.1)
    bcrypt-ruby (2.1.4)
    builder (3.0.0)
    chunky_png (1.2.0)
    coffee-script (2.2.0)
      coffee-script-source
      execjs
    coffee-script-source (1.1.1)
    compass (0.11.1)
      chunky_png (~> 1.1)
      fssm (>= 0.2.7)
      sass (~> 3.1)
    dalli (1.0.5)
    em-websocket (0.2.1)
      addressable (>= 2.1.1)
      eventmachine (>= 0.12.9)
    erubis (2.7.0)
    eventmachine (0.12.10)
    execjs (1.1.2)
      multi_json (~> 1.0)
    foreman (0.18.0)
      term-ansicolor (~> 1.0.5)
      thor (>= 0.13.6)
    fssm (0.2.7)
    guard (0.4.2)
      thor (~> 0.14.6)
    guard-livereload (0.1.11)
      em-websocket (~> 0.2.0)
      guard (>= 0.2.2)
      json (~> 1.5.1)
    haml (3.1.2)
    hike (1.0.0)
    html5-boilerplate (1.0.0)
      compass (>= 0.11.1)
    i18n (0.6.0)
    jquery-rails (1.0.9)
      railties (~> 3.0)
      thor (~> 0.14)
    json (1.5.1)
    kgio (2.4.1)
    libv8 (3.3.10.2)
    mail (2.3.0)
      i18n (>= 0.4.0)
      mime-types (~> 1.16)
      treetop (~> 1.4.8)
    mime-types (1.16)
    multi_json (1.0.3)
    oily_png (1.0.1)
      chunky_png (~> 1)
    pg (0.11.0)
    pjax-rails (0.1.4)
      jquery-rails
    polyglot (0.3.1)
    rack (1.3.0)
    rack-cache (1.0.2)
      rack (>= 0.4)
    rack-mount (0.8.1)
      rack (>= 1.0.0)
    rack-ssl (1.3.2)
      rack
    rack-test (0.6.0)
      rack (>= 1.0)
    rails (3.1.0.rc3)
      actionmailer (= 3.1.0.rc3)
      actionpack (= 3.1.0.rc3)
      activerecord (= 3.1.0.rc3)
      activeresource (= 3.1.0.rc3)
      activesupport (= 3.1.0.rc3)
      bundler (~> 1.0)
      railties (= 3.1.0.rc3)
    railties (3.1.0.rc3)
      actionpack (= 3.1.0.rc3)
      activesupport (= 3.1.0.rc3)
      rack-ssl (~> 1.3.2)
      rake (>= 0.8.7)
      thor (~> 0.14.6)
    rake (0.9.2)
    rb-fsevent (0.4.0)
    sass (3.1.2)
    sprockets (2.0.0.beta.10)
      hike (~> 1.0)
      rack (~> 1.0)
      tilt (!= 1.3.0, ~> 1.1)
    term-ansicolor (1.0.5)
    therubyracer (0.9.0beta7)
      libv8 (~> 3.3.10)
    therubyracer-heroku (0.8.1.pre3)
    thor (0.14.6)
    tilt (1.3.2)
    treetop (1.4.9)
      polyglot (>= 0.3.1)
    turn (0.8.2)
      ansi (>= 1.2.2)
    tzinfo (0.3.27)
    uglifier (0.5.4)
      execjs (>= 0.3.0)
      multi_json (>= 1.0.2)
    unicorn (3.6.2)
      kgio (~> 2.3)
      rack

PLATFORMS
  ruby

DEPENDENCIES
  coffee-filter!
  coffee-script
  compass
  dalli
  foreman
  guard
  guard-livereload
  haml
  html5-boilerplate
  jquery-rails
  oily_png
  pg
  pjax-rails
  rails (= 3.1.0.rc3)
  rb-fsevent
  sass
  therubyracer (~> 0.9.0beta7)
  therubyracer-heroku (= 0.8.1.pre3)
  turn
  uglifier
  unicorn
